GIT
  remote: https://github.com/bpot/poseidon.git
  revision: ffab57725f6f41fc6f5e9f43827d9d12b36f3ba0
  specs:
    poseidon (0.0.4)

PATH
  remote: ../ra-client
  specs:
    ra-client (0.1.33)

PATH
  remote: ../ra-core
  specs:
    ra-core (2.0.31)

GEM
  remote: http://flo-gem-repo.stage.ch.flipkart.com/
  specs:
    actionpack (3.1.3)
      activemodel (= 3.1.3)
      activesupport (= 3.1.3)
      builder (~> 3.0.0)
      erubis (~> 2.7.0)
      i18n (~> 0.6)
      rack (~> 1.3.5)
      rack-cache (~> 1.1)
      rack-mount (~> 0.8.2)
      rack-test (~> 0.6.1)
      sprockets (~> 2.0.3)
    activemodel (3.1.3)
      activesupport (= 3.1.3)
      builder (~> 3.0.0)
      i18n (~> 0.6)
    activerecord (3.1.3.patched)
      activemodel (= 3.1.3)
      activesupport (= 3.1.3)
      arel (~> 2.2.1)
      tzinfo (~> 0.3.29)
    activerecord-import (0.5.0)
      activerecord (>= 3.0)
    activerecord_use_slave (0.0.5)
      activerecord
    activesupport (3.1.3)
      multi_json (~> 1.0)
    annotate (2.6.1)
      activerecord (>= 2.3.0)
      rake (>= 0.8.7)
    arel (2.2.3)
    better_errors (1.1.0)
      coderay (>= 1.0.0)
      erubis (>= 2.6.6)
    binding_of_caller (0.7.2)
      debug_inspector (>= 0.0.1)
    builder (3.0.4)
    ci_reporter (1.8.4)
      builder (>= 2.1.2)
    coderay (1.1.0)
    connection_pool (1.0.0)
    couchbase (1.3.3)
      connection_pool (~> 1.0.0)
      multi_json (~> 1.0)
      yaji (~> 0.3.2)
    daemon_controller (1.1.8)
    dalli (2.1.0)
    database_cleaner (1.2.0)
    debug_inspector (0.0.2)
    diff-lcs (1.2.5)
    docile (1.1.3)
    erubis (2.7.0)
    factory_girl (4.4.0)
      activesupport (>= 3.0.0)
    grit (2.4.1)
      diff-lcs (~> 1.1)
      mime-types (~> 1.15)
    hike (1.2.3)
    http_router (0.10.2)
      rack (>= 1.0.0)
      url_mount (~> 0.2.1)
    i18n (0.6.11)
    json (1.8.1)
    kgio (2.7.4)
    mail (2.3.3)
      i18n (>= 0.4.0)
      mime-types (~> 1.16)
      treetop (~> 1.4.8)
    method_source (0.8.1)
    mime-types (1.25.1)
    multi_json (1.10.1)
    multitenancy (0.0.5)
    mysql2 (0.3.16)
    padrino (0.10.5.patched)
      padrino-admin (= 0.10.5.patched)
      padrino-cache (= 0.10.5.patched)
      padrino-core (= 0.10.5.patched)
      padrino-gen (= 0.10.5.patched)
      padrino-helpers (= 0.10.5.patched)
      padrino-mailer (= 0.10.5.patched)
    padrino-admin (0.10.5.patched)
      padrino-core (= 0.10.5.patched)
      padrino-helpers (= 0.10.5.patched)
    padrino-cache (0.10.5.patched)
      padrino-core (= 0.10.5.patched)
    padrino-core (0.10.5.patched)
      activesupport (~> 3.1.0)
      http_router (~> 0.10.2)
      sinatra (~> 1.3.1)
      thor (~> 0.14.3)
      tilt (~> 1.3.0)
    padrino-gen (0.10.5.patched)
      bundler (~> 1.0)
      grit (~> 2.4.1)
      padrino-core (= 0.10.5.patched)
    padrino-helpers (0.10.5.patched)
      i18n (~> 0.6)
      padrino-core (= 0.10.5.patched)
    padrino-mailer (0.10.5.patched)
      mail (~> 2.3.0)
      padrino-core (= 0.10.5.patched)
    passenger (4.0.37)
      daemon_controller (>= 1.1.0)
      rack
      rake (>= 0.8.1)
    polyglot (0.3.5)
    pry (0.9.12.6)
      coderay (~> 1.0)
      method_source (~> 0.8)
      slop (~> 3.4)
    rack (1.3.6)
    rack-cache (1.2)
      rack (>= 0.4)
    rack-metrics (1.0.5)
      multi_json
      sc-metrics (~> 1.0)
      tracer-client (>= 0.0.3)
    rack-mount (0.8.3)
      rack (>= 1.0.0)
    rack-protection (1.5.3)
      rack
    rack-test (0.6.2)
      rack (>= 1.0)
    raindrops (0.8.1)
    rake (10.3.2)
    rest-client (1.6.7)
      mime-types (>= 1.16)
    rspec (2.14.1)
      rspec-core (~> 2.14.0)
      rspec-expectations (~> 2.14.0)
      rspec-mocks (~> 2.14.0)
    rspec-core (2.14.8)
    rspec-expectations (2.14.5)
      diff-lcs (>= 1.1.3, < 2.0)
    rspec-mocks (2.14.6)
    rubycas-client (2.3.9.7.patched)
      activesupport
    sc-auth (1.1.2)
      actionpack (~> 3.1.0)
      rubycas-client (>= 2.3.9.4.patched)
      sc-core (~> 1.0)
      sc-user-data (~> 1.0)
      uuidtools (~> 2.1.3)
    sc-cache (1.0.1)
      couchbase (= 1.3.3)
      dalli (~> 2.1.0)
    sc-core (1.1.32)
      sc-metrics (~> 1.0)
      sc-mq (>= 0.0.78)
    sc-customer (0.0.67)
      sc-auth (>= 0.0.14)
      sc-cache (>= 0.0.12)
      sc-core (>= 0.0.185)
      sc-rest-client (>= 0.0.3)
      sc-user-data (>= 0.0.3)
    sc-metrics (1.0.5)
      activesupport (~> 3.1.0)
    sc-mq (1.0.8)
      dalli (~> 2.1.0)
      multitenancy (~> 0.0.4)
      sc-cache (~> 1.0)
      threadpool
      tracer-client (>= 0.0.5)
      uuidtools
    sc-rest-client (1.1.0)
      rest-client (~> 1.6.7)
      sc-auth (~> 1.0)
      sc-core (~> 1.0)
      sc-user-data (~> 1.0)
      uuidtools (~> 2.1.3)
    sc-user-data (1.0.0)
    simplecov (0.8.2)
      docile (~> 1.1.0)
      multi_json
      simplecov-html (~> 0.8.0)
    simplecov-html (0.8.0)
    simplecov-rcov (0.2.3)
      simplecov (>= 0.4.1)
    sinatra (1.3.3)
      rack (~> 1.3, >= 1.3.6)
      rack-protection (~> 1.2)
      tilt (~> 1.3, >= 1.3.3)
    sinatra-flash (0.3.0)
      sinatra (>= 1.0.0)
    slop (3.5.0)
    sprockets (2.0.4)
      hike (~> 1.2)
      rack (~> 1.0)
      tilt (~> 1.1, != 1.3.0)
    state_machine (1.2.0)
    thor (0.14.6)
    threadpool (0.1.2)
    tilt (1.3.7)
    tracer-client (0.0.7)
      json (>= 1.7.3)
      rest-client (>= 1.6.7)
      uuidtools (>= 2.1.3)
    treetop (1.4.15)
      polyglot
      polyglot (>= 0.3.1)
    tzinfo (0.3.39)
    unicorn (4.6.3)
      kgio (~> 2.6)
      rack
      raindrops (~> 0.7)
    unicorn-worker-killer (0.4.2)
      unicorn (~> 4)
    url_mount (0.2.1)
      rack
    uuidtools (2.1.4)
    yaji (0.3.3)

PLATFORMS
  ruby

DEPENDENCIES
  actionpack
  activerecord (= 3.1.3.patched)
  activerecord-import (>= 0.2.0)
  activerecord_use_slave (= 0.0.5)
  annotate
  better_errors
  binding_of_caller
  ci_reporter
  couchbase (= 1.3.3)
  database_cleaner
  factory_girl (~> 4.0)
  json
  mysql2
  padrino (= 0.10.5.patched)
  passenger
  poseidon!
  pry
  ra-client!
  ra-core!
  rack (= 1.3.6)
  rack-metrics (= 1.0.5)
  rack-test
  rake
  rest-client
  rspec
  rubycas-client (= 2.3.9.7.patched)
  sc-auth (= 1.1.2)
  sc-cache
  sc-core (= 1.1.32)
  sc-customer (= 0.0.67)
  sc-metrics (= 1.0.5)
  sc-mq (= 1.0.8)
  sc-rest-client (= 1.1.0)
  sc-user-data (= 1.0.0)
  simplecov-rcov
  sinatra-flash
  state_machine
  unicorn (= 4.6.3)
  unicorn-worker-killer
  uuidtools
